ObjectType = Image
NDims = 3
BinaryData = True
BinaryDataByteOrderMSB = False
CompressedData = False
TransformMatrix = 1 0 0 0 1 0 0 0 1
Offset = -10 -10 -69.875
CenterOfRotation = 0 0 0
AnatomicalOrientation = RAI
ElementSpacing = 5 5 0.25
DimSize = 5 5 560
ElementType = MET_DOUBLE
ElementDataFile = dose_with_uncertainty_from_doseactor_dose_perfil_axial-dose.raw
