ObjectType = Image
NDims = 3
BinaryData = True
BinaryDataByteOrderMSB = False
CompressedData = False
TransformMatrix = 1 0 0 0 1 0 0 0 1
Offset = -47 0 -34.5
CenterOfRotation = 0 0 0
AnatomicalOrientation = RAI
ElementSpacing = 1 1 1
DimSize = 95 1 70
ElementType = MET_DOUBLE
ElementDataFile = dose_with_uncertainty_from_doseactor_dose_det_palma-dose.raw
