ObjectType = Image
NDims = 3
BinaryData = True
BinaryDataByteOrderMSB = False
CompressedData = False
TransformMatrix = 1 0 0 0 1 0 0 0 1
Offset = 0 -149.5 -199.5
CenterOfRotation = 0 0 0
AnatomicalOrientation = RAI
ElementSpacing = 1 1 1
DimSize = 1 300 400
ElementType = MET_DOUBLE
ElementDataFile = edep_with_uncertainty_from_doseactor_dose_det_torso-edep.raw
